GEM
  remote: https://rubygems.org/
  specs:
    diff-lcs (1.3)
    linguistics (2.1.0)
      loggability (~> 0.11)
    loggability (0.14.0)
    rspec (3.5.0)
      rspec-core (~> 3.5.0)
      rspec-expectations (~> 3.5.0)
      rspec-mocks (~> 3.5.0)
    rspec-core (3.5.4)
      rspec-support (~> 3.5.0)
    rspec-expectations (3.5.0)
      diff-lcs (>= 1.2.0, < 2.0)
      rspec-support (~> 3.5.0)
    rspec-mocks (3.5.0)
      diff-lcs (>= 1.2.0, < 2.0)
      rspec-support (~> 3.5.0)
    rspec-support (3.5.0)

PLATFORMS
  ruby

DEPENDENCIES
  linguistics (~> 2.1)
  rspec (~> 3.5)

BUNDLED WITH
   1.14.3
